GEM
  remote: https://rubygems.org/
  specs:
    ast (2.4.0)
    fastimage (2.1.1)
    minitest (5.11.3)
    parallel (1.12.1)
    parser (2.5.0.5)
      ast (~> 2.4.0)
    powerpack (0.1.1)
    rainbow (3.0.0)
    rake (12.3.1)
    rubocop (0.54.0)
      parallel (~> 1.10)
      parser (>= 2.5)
      powerpack (~> 0.1)
      rainbow (>= 2.2.2, < 4.0)
      ruby-progressbar (~> 1.7)
      unicode-display_width (~> 1.0, >= 1.0.1)
    ruby-progressbar (1.9.0)
    safe_yaml (1.0.4)
    unicode-display_width (1.3.0)

PLATFORMS
  ruby

DEPENDENCIES
  fastimage
  minitest
  rake
  rubocop
  safe_yaml

BUNDLED WITH
   1.16.1
